GEM
  remote: https://rubygems.org/
  specs:
    dotenv (0.7.0)
    foreman (0.64.0)
      dotenv (~> 0.7.0)
      thor (>= 0.13.6)
    rainbow (2.0.0)
    sass (3.4.11)
    scss-lint (0.33.0)
      rainbow (~> 2.0)
      sass (~> 3.4.1)
    thor (0.19.1)

PLATFORMS
  ruby

DEPENDENCIES
  foreman
  sass (~> 3.4)
  scss-lint
